GEM
  remote: https://rubygems.org/
  specs:
    concurrent-ruby (1.1.9)
    faker (2.19.0)
      i18n (>= 1.6, < 2)
    i18n (1.8.11)
      concurrent-ruby (~> 1.0)
    ruby2d (0.11.1)

PLATFORMS
  x86_64-darwin-20

DEPENDENCIES
  faker (~> 2.19)
  ruby2d (~> 0.11.1)

BUNDLED WITH
   2.2.19
